GEM
  remote: https://rubygems.org/
  specs:
    activesupport (6.1.3.2)
      concurrent-ruby (~> 1.0, >= 1.0.2)
      i18n (>= 1.6, < 2)
      minitest (>= 5.1)
      tzinfo (~> 2.0)
      zeitwerk (~> 2.3)
    axiom-types (0.1.1)
      descendants_tracker (~> 0.0.4)
      ice_nine (~> 0.11.0)
      thread_safe (~> 0.3, >= 0.3.1)
    builder (3.2.4)
    coercible (1.0.0)
      descendants_tracker (~> 0.0.1)
    concurrent-ruby (1.1.8)
    cuba (3.8.0)
      rack (>= 1.6.0)
    descendants_tracker (0.0.4)
      thread_safe (~> 0.3, >= 0.3.1)
    equalizer (0.0.11)
    grape (1.1.0)
      activesupport
      builder
      mustermann-grape (~> 1.0.0)
      rack (>= 1.3.0)
      rack-accept
      virtus (>= 1.0.0)
    hanami-router (0.7.0)
      hanami-utils (~> 0.8)
      http_router (~> 0.11)
      rack (~> 1.6)
    hanami-utils (0.8.0)
    http_router (0.11.2)
      rack (>= 1.0.0)
      url_mount (~> 0.2.1)
    i18n (1.8.10)
      concurrent-ruby (~> 1.0)
    ice_nine (0.11.2)
    minitest (5.14.4)
    mustermann (1.1.1)
      ruby2_keywords (~> 0.0.1)
    mustermann-grape (1.0.1)
      mustermann (>= 1.0.0)
    nio4r (2.5.7)
    puma (4.3.8)
      nio4r (~> 2.0)
    rack (1.6.13)
    rack-accept (0.4.5)
      rack (>= 0.4)
    rack-protection (1.5.3)
      rack
    ruby-prof (0.16.2)
    ruby2_keywords (0.0.4)
    sinatra (1.4.7)
      rack (~> 1.5)
      rack-protection (~> 1.4)
      tilt (>= 1.3, < 3)
    thread_safe (0.3.6)
    tilt (2.0.5)
    tzinfo (2.0.4)
      concurrent-ruby (~> 1.0)
    url_mount (0.2.1)
      rack
    virtus (1.0.5)
      axiom-types (~> 0.1)
      coercible (~> 1.0)
      descendants_tracker (~> 0.0, >= 0.0.3)
      equalizer (~> 0.0, >= 0.0.9)
    zeitwerk (2.4.2)

PLATFORMS
  ruby

DEPENDENCIES
  cuba (= 3.8.0)
  grape (= 1.1.0)
  hanami-router (= 0.7.0)
  puma (= 4.3.8)
  ruby-prof (= 0.16.2)
  sinatra (= 1.4.7)

BUNDLED WITH
   1.12.5
